PATH
  remote: .
  specs:
    sobriquet (0.0.1)
      gli (= 2.14.0)

GEM
  remote: https://rubygems.org/
  specs:
    aruba (0.14.1)
      childprocess (~> 0.5.6)
      contracts (~> 0.9)
      cucumber (>= 1.3.19)
      ffi (~> 1.9.10)
      rspec-expectations (>= 2.99)
      thor (~> 0.19)
    ast (2.2.0)
    builder (3.2.2)
    childprocess (0.5.9)
      ffi (~> 1.0, >= 1.0.11)
    contracts (0.14.0)
    cucumber (2.3.3)
      builder (>= 2.1.2)
      cucumber-core (~> 1.4.0)
      cucumber-wire (~> 0.0.1)
      diff-lcs (>= 1.1.3)
      gherkin (~> 3.2.0)
      multi_json (>= 1.7.5, < 2.0)
      multi_test (>= 0.1.2)
    cucumber-core (1.4.0)
      gherkin (~> 3.2.0)
    cucumber-wire (0.0.1)
    diff-lcs (1.2.5)
    ffi (1.9.10)
    gherkin (3.2.0)
    gli (2.14.0)
    json (1.8.3)
    multi_json (1.12.0)
    multi_test (0.1.2)
    parser (2.3.1.0)
      ast (~> 2.2)
    powerpack (0.1.1)
    rainbow (2.1.0)
    rake (11.1.2)
    rdoc (4.2.2)
      json (~> 1.4)
    rspec-expectations (3.4.0)
      diff-lcs (>= 1.2.0, < 2.0)
      rspec-support (~> 3.4.0)
    rspec-support (3.4.1)
    rubocop (0.40.0)
      parser (>= 2.3.1.0, < 3.0)
      powerpack (~> 0.1)
      rainbow (>= 1.99.1, < 3.0)
      ruby-progressbar (~> 1.7)
      unicode-display_width (~> 1.0, >= 1.0.1)
    ruby-progressbar (1.8.1)
    thor (0.19.1)
    unicode-display_width (1.0.5)

PLATFORMS
  ruby

DEPENDENCIES
  aruba
  rake
  rdoc
  rubocop
  sobriquet!
